GEM
  remote: http://rubygems.org/
  specs:
    ansi (1.4.3)
    builder (3.2.0)
    hashie (2.0.3)
    minitest (4.7.1)
    minitest-reporters (0.14.16)
      ansi
      builder
      minitest (>= 2.12, < 5.0)
      powerbar
    powerbar (1.0.11)
      ansi (~> 1.4.0)
      hashie (>= 1.1.0)

PLATFORMS
  java

DEPENDENCIES
  minitest-reporters (>= 0.5.0)
